GEM
  remote: https://rubygems.org/
  specs:
    abstract_type (0.0.7)
    biz (1.3.3)
      abstract_type (~> 0.0.0)
      clavius (~> 1.0)
      equalizer (~> 0.0.0)
      memoizable (~> 0.4.0)
      tzinfo
    clavius (1.0.1)
      memoizable (~> 0.4.0)
    coderay (1.1.0)
    diff-lcs (1.2.5)
    equalizer (0.0.11)
    memoizable (0.4.2)
      thread_safe (~> 0.3, >= 0.3.1)
    method_source (0.8.2)
    pry (0.10.0)
      coderay (~> 1.1.0)
      method_source (~> 0.8.1)
      slop (~> 3.4)
    rspec (3.4.0)
      rspec-core (~> 3.4.0)
      rspec-expectations (~> 3.4.0)
      rspec-mocks (~> 3.4.0)
    rspec-core (3.4.1)
      rspec-support (~> 3.4.0)
    rspec-expectations (3.4.0)
      diff-lcs (>= 1.2.0, < 2.0)
      rspec-support (~> 3.4.0)
    rspec-mocks (3.4.0)
      diff-lcs (>= 1.2.0, < 2.0)
      rspec-support (~> 3.4.0)
    rspec-support (3.4.1)
    slop (3.6.0)
    thread_safe (0.3.5)
    tzinfo (1.2.2)
      thread_safe (~> 0.1)

PLATFORMS
  ruby

DEPENDENCIES
  biz
  pry
  rspec

BUNDLED WITH
   1.11.2
